PATH
  remote: .
  specs:
    maid (0.1.2)
      deprecated (~> 3.0.1)
      thor (~> 0.16.0)
      xdg (~> 2.2.2)

GEM
  remote: http://rubygems.org/
  specs:
    deprecated (3.0.1)
    diff-lcs (1.1.3)
    fakefs (0.4.0)
    ffi (1.1.5)
    guard (1.4.0)
      listen (>= 0.4.2)
      thor (>= 0.14.6)
    guard-rspec (2.1.0)
      guard (>= 1.1)
      rspec (~> 2.11)
    listen (0.5.3)
    rake (0.9.2.2)
    rb-inotify (0.8.8)
      ffi (>= 0.5.0)
    rspec (2.11.0)
      rspec-core (~> 2.11.0)
      rspec-expectations (~> 2.11.0)
      rspec-mocks (~> 2.11.0)
    rspec-core (2.11.1)
    rspec-expectations (2.11.3)
      diff-lcs (~> 1.1.3)
    rspec-mocks (2.11.3)
    thor (0.16.0)
    timecop (0.5.2)
    xdg (2.2.2)

PLATFORMS
  ruby

DEPENDENCIES
  fakefs (~> 0.4.0)
  guard (~> 1.4.0)
  guard-rspec (~> 2.1.0)
  maid!
  rake (~> 0.9.2.2)
  rb-inotify (~> 0.8.8)
  rspec (~> 2.11.0)
  timecop (~> 0.5.2)
