PATH
  remote: .
  specs:
    maid (0.1.2)
      deprecated (~> 3.0.1)
      thor (~> 0.16.0)
      xdg (~> 2.2.2)

GEM
  remote: http://rubygems.org/
  specs:
    ZenTest (4.4.2)
    deprecated (3.0.1)
    diff-lcs (1.1.3)
    fakefs (0.4.0)
    rake (0.9.2.2)
    rspec (2.11.0)
      rspec-core (~> 2.11.0)
      rspec-expectations (~> 2.11.0)
      rspec-mocks (~> 2.11.0)
    rspec-core (2.11.1)
    rspec-expectations (2.11.3)
      diff-lcs (~> 1.1.3)
    rspec-mocks (2.11.3)
    thor (0.16.0)
    timecop (0.5.2)
    xdg (2.2.2)

PLATFORMS
  ruby

DEPENDENCIES
  ZenTest (~> 4.4.2)
  fakefs (~> 0.4.0)
  maid!
  rake (~> 0.9.2.2)
  rspec (~> 2.11.0)
  timecop (~> 0.5.2)
